GEM
  remote: https://rubygems.org/
  specs:
    addressable (2.8.6)
      public_suffix (>= 2.0.2, < 6.0)
    base64 (0.2.0)
    colored2 (3.1.2)
    cri (2.15.11)
    erubi (1.12.0)
    faraday (2.8.1)
      base64
      faraday-net_http (>= 2.0, < 3.1)
      ruby2_keywords (>= 0.0.4)
    faraday-follow_redirects (0.3.0)
      faraday (>= 1, < 3)
    faraday-net_http (3.0.2)
    fast_gettext (2.3.0)
    forwardable (1.3.3)
    gettext (3.4.9)
      erubi
      locale (>= 2.0.5)
      prime
      racc
      text (>= 1.3.0)
    gettext-setup (1.1.0)
      fast_gettext (~> 2.1)
      gettext (~> 3.4)
      locale
    jwt (2.8.1)
      base64
    locale (2.1.4)
    log4r (1.1.10)
    minitar (0.9)
    multi_json (1.15.0)
    octokit (8.1.0)
      base64
      faraday (>= 1, < 3)
      sawyer (~> 0.9)
    prime (0.1.2)
      forwardable
      singleton
    public_suffix (5.0.5)
    puppet-lint (4.2.4)
    puppet_forge (5.0.3)
      faraday (~> 2.0)
      faraday-follow_redirects (~> 0.3.0)
      minitar
      semantic_puppet (~> 1.0)
    puppetfile-updater (0.6.0)
      octokit
      puppet_forge
      rake
      ruby-augeas
    r10k (4.1.0)
      colored2 (= 3.1.2)
      cri (>= 2.15.10)
      gettext-setup (>= 0.24, < 2.0)
      jwt (>= 2.2.3, < 3)
      log4r (= 1.1.10)
      minitar (~> 0.9)
      multi_json (~> 1.10)
      puppet_forge (>= 4.1, < 6)
    racc (1.7.3)
    rake (13.2.1)
    ruby-augeas (0.5.0)
    ruby2_keywords (0.0.5)
    sawyer (0.9.2)
      addressable (>= 2.3.5)
      faraday (>= 0.17.3, < 3)
    semantic_puppet (1.1.0)
    singleton (0.2.0)
    text (1.3.1)

PLATFORMS
  x86_64-linux

DEPENDENCIES
  puppet-lint (= 4.2.4)
  puppetfile-updater (= 0.6.0)
  r10k (= 4.1.0)

BUNDLED WITH
   2.4.22
