GEM
  remote: https://rubygems.org/
  specs:
    addressable (2.8.6)
      public_suffix (>= 2.0.2, < 6.0)
    colored2 (3.1.2)
    cri (2.15.10)
    faraday (0.17.4)
      multipart-post (>= 1.2, < 3)
    faraday_middleware (0.14.0)
      faraday (>= 0.7.4, < 1.0)
    fast_gettext (1.1.2)
    gettext (3.2.9)
      locale (>= 2.0.5)
      text (>= 1.3.0)
    gettext-setup (0.34)
      fast_gettext (~> 1.1.0)
      gettext (>= 3.0.2, < 3.3.0)
      locale
    locale (2.1.3)
    log4r (1.1.10)
    minitar (0.9)
    multi_json (1.15.0)
    multipart-post (2.1.1)
    octokit (4.22.0)
      faraday (>= 0.9)
      sawyer (~> 0.8.0, >= 0.5.3)
    public_suffix (5.0.4)
    puppet-lint (2.4.2)
    puppet_forge (2.3.4)
      faraday (>= 0.9.0, < 0.18.0, != 0.13.1)
      faraday_middleware (>= 0.9.0, < 0.15.0)
      gettext-setup (~> 0.11)
      minitar
      semantic_puppet (~> 1.0)
    puppetfile-updater (0.6.0)
      octokit
      puppet_forge
      rake
      ruby-augeas
    r10k (3.9.0)
      colored2 (= 3.1.2)
      cri (= 2.15.10)
      fast_gettext (~> 1.1.0)
      gettext (>= 3.0.2, < 3.3.0)
      gettext-setup (~> 0.24)
      log4r (= 1.1.10)
      multi_json (~> 1.10)
      puppet_forge (~> 2.3.0)
    rake (13.1.0)
    ruby-augeas (0.5.0)
    sawyer (0.8.2)
      addressable (>= 2.3.5)
      faraday (> 0.8, < 2.0)
    semantic_puppet (1.0.4)
    text (1.3.1)

PLATFORMS
  x86_64-linux

DEPENDENCIES
  puppet-lint (= 2.4.2)
  puppetfile-updater (= 0.6.0)
  r10k (= 3.9.0)

BUNDLED WITH
   2.4.22
